GEM
  remote: http://rubygems.org/
  specs:
    bson (1.0.4)
    bson_ext (1.0.4)
    configuration (1.1.0)
    exceptional (2.0.19)
    haml (3.0.15)
    heroku (1.9.13)
      json_pure (>= 1.2.0, < 1.5.0)
      launchy (~> 0.3.2)
      rest-client (~> 1.4.0)
    json (1.5.3)
    json_pure (1.4.3)
    launchy (0.3.7)
      configuration (>= 0.0.5)
      rake (>= 0.8.1)
    mime-types (1.16)
    mongo (1.0.7)
      bson (>= 1.0.4)
    mongo_ext (0.19.3)
    rack (1.2.1)
    rake (0.8.7)
    rest-client (1.4.2)
      mime-types (>= 1.16)
    rspec (1.3.0)
    sinatra (1.0)
      rack (>= 1.0)

PLATFORMS
  ruby

DEPENDENCIES
  bson
  bson_ext
  exceptional
  haml
  heroku
  json
  mongo (>= 1.0.7)
  mongo_ext
  rspec
  sinatra
